PATH
  remote: .
  specs:
    deer (0.1.0)
      rack (~> 2.2.2)

GEM
  remote: https://rubygems.org/
  specs:
    coderay (1.1.2)
    method_source (0.9.2)
    pry (0.12.2)
      coderay (~> 1.1.0)
      method_source (~> 0.9.0)
    rack (2.2.3)
    rake (12.3.3)

PLATFORMS
  ruby

DEPENDENCIES
  deer!
  pry (~> 0.12.2)
  rake (~> 12.0)

BUNDLED WITH
   2.1.2
